GEM
  remote: https://rubygems.org/
  specs:
    fakeredis (0.5.0)
      redis (~> 3.0)
    hiredis (0.5.2)
    httparty (0.13.3)
      json (~> 1.8)
      multi_xml (>= 0.5.2)
    json (1.8.1)
    kgio (2.9.2)
    minitest (5.4.3)
    multi_xml (0.5.5)
    rack (1.5.2)
    rack-protection (1.5.3)
      rack
    rack-test (0.6.2)
      rack (>= 1.0)
    raindrops (0.13.0)
    rake (10.4.2)
    redis (3.2.0)
    sinatra (1.4.5)
      rack (~> 1.4)
      rack-protection (~> 1.4)
      tilt (~> 1.3, >= 1.3.4)
    tilt (1.4.1)
    unicorn (4.8.3)
      kgio (~> 2.6)
      rack
      raindrops (~> 0.7)

PLATFORMS
  ruby

DEPENDENCIES
  fakeredis (~> 0.4)
  hiredis (~> 0.4)
  httparty
  minitest (~> 5.2)
  rack-test (~> 0.6)
  rake (~> 10.0)
  redis (~> 3.0)
  sinatra (~> 1.4)
  unicorn
